GEM
  remote: https://rubygems.org/
  specs:
    byebug (11.0.1)
    concurrent-ruby (1.1.5)
    hanami-cli (0.3.1)
      concurrent-ruby (~> 1.0)
      hanami-utils (~> 1.3)
    hanami-utils (1.3.2)
      concurrent-ruby (~> 1.0)
      transproc (~> 1.0)
    rainbow (3.0.0)
    transproc (1.0.3)

PLATFORMS
  ruby

DEPENDENCIES
  byebug
  hanami-cli
  rainbow

BUNDLED WITH
   1.17.3
